GEM
  remote: http://rubygems.org/
  specs:
    json (1.8.1)
    listen (0.5.3)
    rb-fsevent (0.9.3)

PLATFORMS
  ruby

DEPENDENCIES
  json
  listen
  rb-fsevent
