GIT
  remote: git://github.com/meeech/listen.git
  revision: 2f0aa9b283ad39d1c03980696de250eff911fb16
  branch: fix_for_fallback_0.5.1
  specs:
    listen (0.5.1)

GEM
  remote: http://rubygems.org/
  specs:
    json (1.7.5)
    rb-fsevent (0.9.1)

PLATFORMS
  ruby

DEPENDENCIES
  json
  listen!
  rb-fsevent
